GEM
  remote: https://rubygems.org/
  specs:
    searchbing (0.2.4)

PLATFORMS
  ruby

DEPENDENCIES
  searchbing

BUNDLED WITH
   1.10.6
